GEM
  remote: http://rubygems.org/
  specs:
    haml (2.2.13)
    rack (1.2.1)
    sinatra (1.1.0)
      rack (~> 1.1)
      tilt (~> 1.1)
    tilt (1.1)

PLATFORMS
  ruby

DEPENDENCIES
  haml (= 2.2.13)
  sinatra (= 1.1.0)
